GEM
  remote: http://rubygems.org/
  specs:
    rack (1.3.2)
    sinatra (1.0)
      rack (>= 1.0)

PLATFORMS
  ruby

DEPENDENCIES
  rack
  sinatra
